PATH
  remote: .
  specs:
    txtlocal (0.0.1)
      chronic
      json

GEM
  remote: http://rubygems.org/
  specs:
    ZenTest (4.9.5)
    addressable (2.3.5)
    autotest (4.4.6)
      ZenTest (>= 4.4.1)
    chronic (0.10.2)
    crack (0.4.1)
      safe_yaml (~> 0.9.0)
    diff-lcs (1.2.5)
    json (1.8.1)
    rspec (2.14.1)
      rspec-core (~> 2.14.0)
      rspec-expectations (~> 2.14.0)
      rspec-mocks (~> 2.14.0)
    rspec-core (2.14.7)
    rspec-expectations (2.14.4)
      diff-lcs (>= 1.1.3, < 2.0)
    rspec-mocks (2.14.4)
    safe_yaml (0.9.7)
    webmock (1.17.1)
      addressable (>= 2.2.7)
      crack (>= 0.3.2)

PLATFORMS
  ruby

DEPENDENCIES
  autotest
  bundler (>= 1.0.0)
  rspec
  txtlocal!
  webmock
